GEM
  remote: http://rubygems.org/
  specs:
    addressable (2.8.1)
      public_suffix (>= 2.0.2, < 6.0)
    asana (2.0.0)
      faraday (~> 1.0)
      faraday_middleware (~> 1.0)
      faraday_middleware-multi_json (~> 0.0)
      oauth2 (>= 1.4, < 3)
    celluloid (0.18.0)
      timers (~> 4)
    celluloid-io (0.17.3)
      celluloid (>= 0.17.2)
      nio4r (>= 1.1)
      timers (>= 4.1.1)
    daemons (1.4.1)
    domain_name (0.5.20190701)
      unf (>= 0.0.5, < 1.0.0)
    dotenv (2.8.1)
    eventmachine (1.2.7)
    faraday (1.10.3)
      faraday-em_http (~> 1.0)
      faraday-em_synchrony (~> 1.0)
      faraday-excon (~> 1.1)
      faraday-httpclient (~> 1.0)
      faraday-multipart (~> 1.0)
      faraday-net_http (~> 1.0)
      faraday-net_http_persistent (~> 1.0)
      faraday-patron (~> 1.0)
      faraday-rack (~> 1.0)
      faraday-retry (~> 1.0)
      ruby2_keywords (>= 0.0.4)
    faraday-em_http (1.0.0)
    faraday-em_synchrony (1.0.0)
    faraday-excon (1.1.0)
    faraday-httpclient (1.0.1)
    faraday-multipart (1.0.4)
      multipart-post (~> 2)
    faraday-net_http (1.0.1)
    faraday-net_http_persistent (1.2.0)
    faraday-patron (1.0.0)
    faraday-rack (1.0.0)
    faraday-retry (1.0.3)
    faraday_middleware (1.2.0)
      faraday (~> 1.0)
    faraday_middleware-multi_json (0.0.6)
      faraday_middleware
      multi_json
    ffi (1.15.5)
    ffi-compiler (1.0.1)
      ffi (>= 1.0.0)
      rake
    hashie (5.0.0)
    http (5.1.1)
      addressable (~> 2.8)
      http-cookie (~> 1.0)
      http-form_data (~> 2.2)
      llhttp-ffi (~> 0.4.0)
    http-cookie (1.0.5)
      domain_name (~> 0.5)
    http-form_data (2.3.0)
    http_parser.rb (0.8.0)
    jwt (2.7.0)
    llhttp-ffi (0.4.0)
      ffi-compiler (~> 1.0)
      rake (~> 13.0)
    multi_json (1.15.0)
    multi_xml (0.6.0)
    multipart-post (2.3.0)
    mustermann (2.0.2)
      ruby2_keywords (~> 0.0.1)
    nio4r (2.5.8)
    oauth2 (2.0.9)
      faraday (>= 0.17.3, < 3.0)
      jwt (>= 1.0, < 3.0)
      multi_xml (~> 0.5)
      rack (>= 1.2, < 4)
      snaky_hash (~> 2.0)
      version_gem (~> 1.1)
    octokit (4.25.1)
      faraday (>= 1, < 3)
      sawyer (~> 0.9)
    public_suffix (5.0.1)
    puma (6.1.0)
      nio4r (~> 2.0)
    rack (2.2.6.2)
    rack-protection (2.2.4)
      rack
    rake (13.0.6)
    reel (0.6.1)
      celluloid (>= 0.15.1)
      celluloid-io (>= 0.15.0)
      http (>= 0.6.0.pre)
      http_parser.rb (>= 0.6.0)
      websocket-driver (>= 0.5.1)
    ruby2_keywords (0.0.5)
    sawyer (0.9.2)
      addressable (>= 2.3.5)
      faraday (>= 0.17.3, < 3)
    sinatra (2.2.4)
      mustermann (~> 2.0)
      rack (~> 2.2)
      rack-protection (= 2.2.4)
      tilt (~> 2.0)
    snaky_hash (2.0.1)
      hashie
      version_gem (~> 1.1, >= 1.1.1)
    thin (1.8.1)
      daemons (~> 1.0, >= 1.0.9)
      eventmachine (~> 1.0, >= 1.0.4)
      rack (>= 1, < 3)
    tilt (2.1.0)
    timers (4.3.5)
    unf (0.1.4)
      unf_ext
    unf_ext (0.0.8.2)
    version_gem (1.1.1)
    webrick (1.8.1)
    websocket-driver (0.7.5)
      websocket-extensions (>= 0.1.0)
    websocket-extensions (0.1.5)

PLATFORMS
  ruby

DEPENDENCIES
  asana
  dotenv
  http
  jwt (~> 2.1)
  octokit (~> 4.0)
  puma
  reel
  sinatra (~> 2.0)
  thin
  webrick

BUNDLED WITH
   1.17.1
